GEM
  remote: http://www.rubygems.org/
  specs:
    activesupport (3.0.7)
    summer (1.0.0)

PLATFORMS
  ruby

DEPENDENCIES
  activesupport
  summer
